{
	"Modality": "MR",
	"MagneticFieldStrength": 9.39902,
	"ImagingFrequency": 400.173,
	"Manufacturer": "Bruker",
	"ManufacturersModelName": "BioSpec_94_30",
	"InstitutionName": "Western_CFMM",
	"InstitutionalDepartmentName": "CFMM",
	"DeviceSerialNumber": "10264699",
	"PatientPosition": "HFS",
	"SoftwareVersions": "ParaVision_Acquisition_6.0.1_ParaVision_6.0.1",
	"MRAcquisitionType": "2D",
	"SeriesDescription": "SE_EPI_DTI_MP30_201Dir",
	"ProtocolName": "SE_EPI_DTI_MP30_MP40",
	"ScanningSequence": "SE_GR_EP",
	"SequenceVariant": "SK_SS_SP",
	"ImageType": ["ORIGINAL", "PRIMARY", "NON", "PARALLEL", "NONE"],
	"SeriesNumber": 30001,
	"AcquisitionTime": "13:20:16.975000",
	"SliceThickness": 3,
	"EchoTime": 0.037352,
	"RepetitionTime": 2.5,
	"FlipAngle": 90,
	"CoilString": "unknown",
	"PercentPhaseFOV": 62.5,
	"EchoTrainLength": 60,
	"AcquisitionMatrixPE": 60,
	"ReconMatrixPE": 60,
	"PixelBandwidth": 3125,
	"PhaseEncodingAxis": "j",
	"ImageOrientationPatientDICOM": [
		1,
		0,
		0,
		0,
		1,
		0	],
	"InPlanePhaseEncodingDirectionDICOM": "COL",
	"ConversionSoftware": "dcm2niix",
	"ConversionSoftwareVersion": "v1.0.20190625  GCC4.9.3"
}
